PATH
  remote: .
  specs:
    solana-ruby (0.1.5)
      base58 (~> 0.2.3)
      base64 (~> 0.2.0)
      csv (~> 3.1)
      faye-websocket (~> 0.11.3)
      httpx (~> 1.2)
      rbnacl (~> 5.0)
      rdoc (~> 6.7.0)
      rqrcode (~> 2.0)

GEM
  remote: https://rubygems.org/
  specs:
    addressable (2.8.7)
      public_suffix (>= 2.0.2, < 7.0)
    base58 (0.2.3)
    base64 (0.2.0)
    bigdecimal (3.1.8)
    chunky_png (1.4.0)
    crack (1.0.0)
      bigdecimal
      rexml
    csv (3.3.0)
    diff-lcs (1.5.1)
    eventmachine (1.2.7)
    faye-websocket (0.11.3)
      eventmachine (>= 0.12.0)
      websocket-driver (>= 0.5.1)
    ffi (1.17.2)
    ffi (1.17.2-x64-mingw-ucrt)
    ffi (1.17.2-x86_64-linux-gnu)
    hashdiff (1.1.0)
    http-2-next (1.0.3)
    httpx (1.2.6)
      http-2-next (>= 1.0.3)
    psych (5.1.2)
      stringio
    public_suffix (6.0.0)
    rbnacl (5.0.0)
      ffi
    rdoc (6.7.0)
      psych (>= 4.0.0)
    rexml (3.3.0)
      strscan
    rqrcode (2.2.0)
      chunky_png (~> 1.0)
      rqrcode_core (~> 1.0)
    rqrcode_core (1.2.0)
    rspec (3.13.0)
      rspec-core (~> 3.13.0)
      rspec-expectations (~> 3.13.0)
      rspec-mocks (~> 3.13.0)
    rspec-core (3.13.0)
      rspec-support (~> 3.13.0)
    rspec-expectations (3.13.1)
      diff-lcs (>= 1.2.0, < 2.0)
      rspec-support (~> 3.13.0)
    rspec-mocks (3.13.1)
      diff-lcs (>= 1.2.0, < 2.0)
      rspec-support (~> 3.13.0)
    rspec-support (3.13.1)
    stringio (3.1.1)
    strscan (3.1.0)
    webmock (3.23.1)
      addressable (>= 2.8.0)
      crack (>= 0.3.2)
      hashdiff (>= 0.4.0, < 2.0.0)
    websocket-driver (0.7.6)
      websocket-extensions (>= 0.1.0)
    websocket-extensions (0.1.5)

PLATFORMS
  ruby
  x64-mingw-ucrt
  x86_64-linux

DEPENDENCIES
  rspec
  solana-ruby!
  webmock (~> 3.14)

BUNDLED WITH
   2.5.11
