PATH
  remote: .
  specs:
    solana-ruby (0.1.0)
      base58 (~> 0.2.3)
      csv (~> 3.1)
      ed25519 (~> 1.3)
      httparty (~> 0.18.0)
      rqrcode (~> 2.0)

GEM
  remote: https://rubygems.org/
  specs:
    addressable (2.8.7)
      public_suffix (>= 2.0.2, < 7.0)
    base58 (0.2.3)
    bigdecimal (3.1.8)
    chunky_png (1.4.0)
    crack (1.0.0)
      bigdecimal
      rexml
    csv (3.3.0)
    diff-lcs (1.5.1)
    ed25519 (1.3.0)
    hashdiff (1.1.0)
    httparty (0.18.1)
      mime-types (~> 3.0)
      multi_xml (>= 0.5.2)
    mime-types (3.5.2)
      mime-types-data (~> 3.2015)
    mime-types-data (3.2024.0604)
    multi_xml (0.7.1)
      bigdecimal (~> 3.1)
    public_suffix (6.0.0)
    rexml (3.3.0)
      strscan
    rqrcode (2.2.0)
      chunky_png (~> 1.0)
      rqrcode_core (~> 1.0)
    rqrcode_core (1.2.0)
    rspec (3.13.0)
      rspec-core (~> 3.13.0)
      rspec-expectations (~> 3.13.0)
      rspec-mocks (~> 3.13.0)
    rspec-core (3.13.0)
      rspec-support (~> 3.13.0)
    rspec-expectations (3.13.1)
      diff-lcs (>= 1.2.0, < 2.0)
      rspec-support (~> 3.13.0)
    rspec-mocks (3.13.1)
      diff-lcs (>= 1.2.0, < 2.0)
      rspec-support (~> 3.13.0)
    rspec-support (3.13.1)
    strscan (3.1.0)
    webmock (3.23.1)
      addressable (>= 2.8.0)
      crack (>= 0.3.2)
      hashdiff (>= 0.4.0, < 2.0.0)

PLATFORMS
  ruby
  x86_64-linux

DEPENDENCIES
  rspec
  solana-ruby!
  webmock (~> 3.14)

BUNDLED WITH
   2.5.11
